PATH
  remote: .
  specs:
    modis (4.0.1)
      activemodel (>= 5.2)
      activesupport (>= 5.2)
      connection_pool (>= 2)
      msgpack (>= 0.5)
      redis (>= 3.0, < 5.0)

GEM
  remote: https://rubygems.org/
  specs:
    activemodel (7.0.4.2)
      activesupport (= 7.0.4.2)
    activesupport (7.0.4.2)
      concurrent-ruby (~> 1.0, >= 1.0.2)
      i18n (>= 1.6, < 2)
      minitest (>= 5.1)
      tzinfo (~> 2.0)
    appraisal (2.3.0)
      bundler
      rake
      thor (>= 0.14.0)
    ast (2.4.2)
    cane (3.0.0)
      parallel
    codeclimate-test-reporter (1.0.7)
      simplecov
    concurrent-ruby (1.2.0)
    connection_pool (2.2.3)
    diff-lcs (1.4.4)
    docile (1.3.2)
    hiredis (0.6.3)
    i18n (1.12.0)
      concurrent-ruby (~> 1.0)
    jaro_winkler (1.5.4)
    minitest (5.17.0)
    msgpack (1.3.3)
    parallel (1.20.1)
    parser (3.0.1.0)
      ast (~> 2.4.1)
    rainbow (3.0.0)
    rake (13.0.1)
    redis (4.8.0)
    rexml (3.2.5)
    rspec (3.9.0)
      rspec-core (~> 3.9.0)
      rspec-expectations (~> 3.9.0)
      rspec-mocks (~> 3.9.0)
    rspec-core (3.9.2)
      rspec-support (~> 3.9.3)
    rspec-expectations (3.9.2)
      diff-lcs (>= 1.2.0, < 2.0)
      rspec-support (~> 3.9.0)
    rspec-mocks (3.9.1)
      diff-lcs (>= 1.2.0, < 2.0)
      rspec-support (~> 3.9.0)
    rspec-support (3.9.3)
    rubocop (0.81.0)
      jaro_winkler (~> 1.5.1)
      parallel (~> 1.10)
      parser (>= 2.7.0.1)
      rainbow (>= 2.2.2, < 4.0)
      rexml
      ruby-progressbar (~> 1.7)
      unicode-display_width (>= 1.4.0, < 2.0)
    ruby-progressbar (1.11.0)
    simplecov (0.18.5)
      docile (~> 1.1)
      simplecov-html (~> 0.11)
    simplecov-html (0.12.3)
    thor (1.0.1)
    tzinfo (2.0.6)
      concurrent-ruby (~> 1.0)
    unicode-display_width (1.7.0)

PLATFORMS
  ruby

DEPENDENCIES
  appraisal
  cane
  codeclimate-test-reporter
  hiredis (>= 0.5)
  modis!
  rake
  rspec
  rubocop (= 0.81.0)
  simplecov

BUNDLED WITH
   2.2.21
